GEM
  remote: https://rubygems.org/
  specs:
    activesupport (5.0.0.1)
      concurrent-ruby (~> 1.0, >= 1.0.2)
      i18n (~> 0.7)
      minitest (~> 5.1)
      tzinfo (~> 1.1)
    ansi (1.5.0)
    array_collapse (0.0.2)
    ast (2.3.0)
    benchmark-memory (0.1.1)
      memory_profiler (~> 0.9)
    bond (0.5.1)
    builder (3.2.2)
    byebug (9.0.6)
    coderay (1.1.1)
    concurrent-ruby (1.0.2)
    czmq-ffi-gen (0.13.0)
      ffi (~> 1.9.10)
    cztop (0.11.4)
      czmq-ffi-gen (~> 0.13.0)
    data_uri (0.1.0)
    diff-lcs (1.2.5)
    faker (1.6.6)
      i18n (~> 0.5)
    ffi (1.9.18)
    funkify (0.0.4)
    gnuplot (2.6.2)
    graph-function (0.2.0)
      faker
      gnuplot
      memory_profiler
      rantly
      ruby-progressbar
    i18n (0.7.0)
    iruby (0.2.9)
      bond (~> 0.5)
      data_uri (~> 0.1)
      mimemagic (~> 0.3)
      multi_json (~> 1.11)
    m (1.5.0)
      method_source (>= 0.6.7)
      rake (>= 0.9.2.2)
    memory_profiler (0.9.7)
    method_source (0.8.2)
    mimemagic (0.3.2)
    minitest (5.10.1)
    minitest-colorize (0.0.5)
      minitest (>= 2.0)
    minitest-reporters (1.1.13)
      ansi
      builder
      minitest (>= 5.0)
      ruby-progressbar
    multi_json (1.12.1)
    parser (2.3.3.1)
      ast (~> 2.2)
    powerpack (0.1.1)
    pqueue (2.1.0)
    proc_compose (0.0.1)
    pry (0.10.4)
      coderay (~> 1.1.0)
      method_source (~> 0.8.1)
      slop (~> 3.4)
    pry-byebug (3.4.2)
      byebug (~> 9.0)
      pry (~> 0.10)
    rainbow (2.1.0)
    rake (12.0.0)
    rantly (1.0.0)
    rbczmq (1.7.9)
    rspec (3.5.0)
      rspec-core (~> 3.5.0)
      rspec-expectations (~> 3.5.0)
      rspec-mocks (~> 3.5.0)
    rspec-core (3.5.4)
      rspec-support (~> 3.5.0)
    rspec-expectations (3.5.0)
      diff-lcs (>= 1.2.0, < 2.0)
      rspec-support (~> 3.5.0)
    rspec-mocks (3.5.0)
      diff-lcs (>= 1.2.0, < 2.0)
      rspec-support (~> 3.5.0)
    rspec-support (3.5.0)
    rubocop (0.46.0)
      parser (>= 2.3.1.1, < 3.0)
      powerpack (~> 0.1)
      rainbow (>= 1.99.1, < 3.0)
      ruby-progressbar (~> 1.7)
      unicode-display_width (~> 1.0, >= 1.0.1)
    rubocop-rspec (1.8.0)
      rubocop (>= 0.42.0)
    ruby-prof (0.16.2)
    ruby-progressbar (1.8.1)
    slop (3.6.0)
    stackprof (0.2.10)
    thread_safe (0.3.5)
    tzinfo (1.2.2)
      thread_safe (~> 0.1)
    unicode-display_width (1.1.2)

PLATFORMS
  ruby

DEPENDENCIES
  activesupport
  array_collapse
  benchmark-memory
  cztop
  funkify
  gnuplot
  graph-function
  iruby
  m
  memory_profiler
  method_source
  minitest
  minitest-colorize
  minitest-reporters
  pqueue
  proc_compose
  pry
  pry-byebug
  rantly
  rbczmq
  rspec
  rubocop
  rubocop-rspec
  ruby-prof
  stackprof

BUNDLED WITH
   1.14.3
