GEM
  remote: https://rubygems.org/
  specs:
    activesupport (5.0.0.1)
      concurrent-ruby (~> 1.0, >= 1.0.2)
      i18n (~> 0.7)
      minitest (~> 5.1)
      tzinfo (~> 1.1)
    ansi (1.5.0)
    array_collapse (0.0.2)
    ast (2.3.0)
    benchmark-memory (0.1.1)
      memory_profiler (~> 0.9)
    builder (3.2.2)
    byebug (9.0.6)
    coderay (1.1.1)
    concurrent-ruby (1.0.2)
    diff-lcs (1.2.5)
    faker (1.6.6)
      i18n (~> 0.5)
    funkify (0.0.4)
    gnuplot (2.6.2)
    graph-function (0.1.7)
      benchmark-memory
      faker
      gnuplot
      rantly
      ruby-progressbar
    i18n (0.7.0)
    m (1.5.0)
      method_source (>= 0.6.7)
      rake (>= 0.9.2.2)
    memory_profiler (0.9.6)
    method_source (0.8.2)
    minitest (5.9.1)
    minitest-colorize (0.0.5)
      minitest (>= 2.0)
    minitest-reporters (1.1.11)
      ansi
      builder
      minitest (>= 5.0)
      ruby-progressbar
    parser (2.3.1.4)
      ast (~> 2.2)
    powerpack (0.1.1)
    pqueue (2.1.0)
    pry (0.10.4)
      coderay (~> 1.1.0)
      method_source (~> 0.8.1)
      slop (~> 3.4)
    pry-byebug (3.4.0)
      byebug (~> 9.0)
      pry (~> 0.10)
    rainbow (2.1.0)
    rake (11.3.0)
    rantly (1.0.0)
    rspec (3.5.0)
      rspec-core (~> 3.5.0)
      rspec-expectations (~> 3.5.0)
      rspec-mocks (~> 3.5.0)
    rspec-core (3.5.4)
      rspec-support (~> 3.5.0)
    rspec-expectations (3.5.0)
      diff-lcs (>= 1.2.0, < 2.0)
      rspec-support (~> 3.5.0)
    rspec-mocks (3.5.0)
      diff-lcs (>= 1.2.0, < 2.0)
      rspec-support (~> 3.5.0)
    rspec-support (3.5.0)
    rubocop (0.43.0)
      parser (>= 2.3.1.1, < 3.0)
      powerpack (~> 0.1)
      rainbow (>= 1.99.1, < 3.0)
      ruby-progressbar (~> 1.7)
      unicode-display_width (~> 1.0, >= 1.0.1)
    rubocop-rspec (1.7.0)
      rubocop (>= 0.42.0)
    ruby-progressbar (1.8.1)
    slop (3.6.0)
    thread_safe (0.3.5)
    tzinfo (1.2.2)
      thread_safe (~> 0.1)
    unicode-display_width (1.1.1)

PLATFORMS
  ruby

DEPENDENCIES
  activesupport
  array_collapse
  benchmark-memory
  funkify
  gnuplot
  graph-function
  m
  minitest
  minitest-colorize
  minitest-reporters
  pqueue
  pry
  pry-byebug
  rantly
  rspec
  rubocop-rspec

BUNDLED WITH
   1.12.5
