GEM
  remote: https://rubygems.org/
  specs:
    activesupport (5.1.4)
      concurrent-ruby (~> 1.0, >= 1.0.2)
      i18n (~> 0.7)
      minitest (~> 5.1)
      tzinfo (~> 1.1)
    ansi (1.5.0)
    array_collapse (0.0.2)
    ast (2.3.0)
    awesome_print (1.8.0)
    benchmark-memory (0.1.2)
      memory_profiler (~> 0.9)
    binary_search_tree (2.2)
    bitarray (1.0.0)
    bond (0.5.1)
    builder (3.2.3)
    byebug (9.1.0)
    coderay (1.1.2)
    concurrent-ruby (1.0.5)
    czmq-ffi-gen (0.13.0)
      ffi (~> 1.9.10)
    cztop (0.12.2)
      czmq-ffi-gen (~> 0.13.0)
    data_uri (0.1.0)
    diff-lcs (1.3)
    faker (1.8.7)
      i18n (>= 0.7)
    ffi (1.9.18)
    funkify (0.0.4)
    gnuplot (2.6.2)
    graph-function (0.2.0)
      faker
      gnuplot
      memory_profiler
      rantly
      ruby-progressbar
    i18n (0.9.1)
      concurrent-ruby (~> 1.0)
    iruby (0.3)
      bond (~> 0.5)
      data_uri (~> 0.1)
      mimemagic (~> 0.3)
      multi_json (~> 1.11)
    m (1.5.1)
      method_source (>= 0.6.7)
      rake (>= 0.9.2.2)
    memory_profiler (0.9.8)
    method_source (0.9.0)
    mimemagic (0.3.2)
    minitest (5.10.3)
    minitest-colorize (0.0.5)
      minitest (>= 2.0)
    minitest-reporters (1.1.19)
      ansi
      builder
      minitest (>= 5.0)
      ruby-progressbar
    multi_json (1.12.2)
    nyaplot (0.1.6)
    parallel (1.12.1)
    parser (2.4.0.2)
      ast (~> 2.3)
    powerpack (0.1.1)
    pqueue (2.1.0)
    proc_compose (0.0.1)
    pry (0.11.3)
      coderay (~> 1.1.0)
      method_source (~> 0.9.0)
    pry-byebug (3.5.1)
      byebug (~> 9.1)
      pry (~> 0.10)
    pry-doc (0.11.1)
      pry (~> 0.9)
      yard (~> 0.9)
    rainbow (3.0.0)
    rake (12.3.0)
    rantly (1.1.0)
    rspec (3.7.0)
      rspec-core (~> 3.7.0)
      rspec-expectations (~> 3.7.0)
      rspec-mocks (~> 3.7.0)
    rspec-core (3.7.0)
      rspec-support (~> 3.7.0)
    rspec-expectations (3.7.0)
      diff-lcs (>= 1.2.0, < 2.0)
      rspec-support (~> 3.7.0)
    rspec-mocks (3.7.0)
      diff-lcs (>= 1.2.0, < 2.0)
      rspec-support (~> 3.7.0)
    rspec-support (3.7.0)
    rubocop (0.52.0)
      parallel (~> 1.10)
      parser (>= 2.4.0.2, < 3.0)
      powerpack (~> 0.1)
      rainbow (>= 2.2.2, < 4.0)
      ruby-progressbar (~> 1.7)
      unicode-display_width (~> 1.0, >= 1.0.1)
    rubocop-rspec (1.21.0)
      rubocop (>= 0.52.0)
    ruby-prof (0.17.0)
    ruby-progressbar (1.9.0)
    rubyvis (0.6.1)
    stackprof (0.2.11)
    thread_safe (0.3.6)
    tzinfo (1.2.4)
      thread_safe (~> 0.1)
    unicode-display_width (1.3.0)
    yard (0.9.12)

PLATFORMS
  ruby

DEPENDENCIES
  activesupport
  array_collapse
  awesome_print
  benchmark-memory
  binary_search_tree
  bitarray
  cztop
  funkify
  gnuplot
  graph-function
  iruby
  m
  memory_profiler
  method_source
  minitest
  minitest-colorize
  minitest-reporters
  nyaplot
  pqueue
  proc_compose
  pry
  pry-byebug
  pry-doc
  rantly
  rspec
  rubocop
  rubocop-rspec
  ruby-prof
  rubyvis
  stackprof

BUNDLED WITH
   1.14.6
